GEM
  remote: https://rubygems.org/
  specs:
    actioncable (6.1.4.4)
      actionpack (= 6.1.4.4)
      activesupport (= 6.1.4.4)
      nio4r (~> 2.0)
      websocket-driver (>= 0.6.1)
    actionmailbox (6.1.4.4)
      actionpack (= 6.1.4.4)
      activejob (= 6.1.4.4)
      activerecord (= 6.1.4.4)
      activestorage (= 6.1.4.4)
      activesupport (= 6.1.4.4)
      mail (>= 2.7.1)
    actionmailer (6.1.4.4)
      actionpack (= 6.1.4.4)
      actionview (= 6.1.4.4)
      activejob (= 6.1.4.4)
      activesupport (= 6.1.4.4)
      mail (~> 2.5, >= 2.5.4)
      rails-dom-testing (~> 2.0)
    actionpack (6.1.4.4)
      actionview (= 6.1.4.4)
      activesupport (= 6.1.4.4)
      rack (~> 2.0, >= 2.0.9)
      rack-test (>= 0.6.3)
      rails-dom-testing (~> 2.0)
      rails-html-sanitizer (~> 1.0, >= 1.2.0)
    actiontext (6.1.4.4)
      actionpack (= 6.1.4.4)
      activerecord (= 6.1.4.4)
      activestorage (= 6.1.4.4)
      activesupport (= 6.1.4.4)
      nokogiri (>= 1.8.5)
    actionview (6.1.4.4)
      activesupport (= 6.1.4.4)
      builder (~> 3.1)
      erubi (~> 1.4)
      rails-dom-testing (~> 2.0)
      rails-html-sanitizer (~> 1.1, >= 1.2.0)
    activejob (6.1.4.4)
      activesupport (= 6.1.4.4)
      globalid (>= 0.3.6)
    activemodel (6.1.4.4)
      activesupport (= 6.1.4.4)
    activerecord (6.1.4.4)
      activemodel (= 6.1.4.4)
      activesupport (= 6.1.4.4)
    activestorage (6.1.4.4)
      actionpack (= 6.1.4.4)
      activejob (= 6.1.4.4)
      activerecord (= 6.1.4.4)
      activesupport (= 6.1.4.4)
      marcel (~> 1.0.0)
      mini_mime (>= 1.1.0)
    activesupport (6.1.4.4)
      concurrent-ruby (~> 1.0, >= 1.0.2)
      i18n (>= 1.6, < 2)
      minitest (>= 5.1)
      tzinfo (~> 2.0)
      zeitwerk (~> 2.3)
    addressable (2.8.0)
      public_suffix (>= 2.0.2, < 5.0)
    ast (2.4.2)
    base58 (0.2.3)
    bindex (0.8.1)
    bootsnap (1.10.2)
      msgpack (~> 1.2)
    builder (3.2.4)
    byebug (11.1.3)
    capybara (3.36.0)
      addressable
      matrix
      mini_mime (>= 0.1.3)
      nokogiri (~> 1.8)
      rack (>= 1.6.0)
      rack-test (>= 0.6.3)
      regexp_parser (>= 1.5, < 3.0)
      xpath (~> 3.2)
    celluloid (0.18.0)
      timers (~> 4)
    childprocess (4.1.0)
    codecov (0.5.1)
      simplecov (>= 0.15, < 0.22)
    concurrent-ruby (1.1.9)
    crass (1.0.6)
    date (3.2.2)
    differ (0.1.2)
    docile (1.4.0)
    domain_name (0.5.20190701)
      unf (>= 0.0.5, < 1.0.0)
    erubi (1.10.0)
    faraday (1.10.0)
      faraday-em_http (~> 1.0)
      faraday-em_synchrony (~> 1.0)
      faraday-excon (~> 1.1)
      faraday-httpclient (~> 1.0)
      faraday-multipart (~> 1.0)
      faraday-net_http (~> 1.0)
      faraday-net_http_persistent (~> 1.0)
      faraday-patron (~> 1.0)
      faraday-rack (~> 1.0)
      faraday-retry (~> 1.0)
      ruby2_keywords (>= 0.0.4)
    faraday-em_http (1.0.0)
    faraday-em_synchrony (1.0.0)
    faraday-excon (1.1.0)
    faraday-httpclient (1.0.1)
    faraday-multipart (1.0.4)
      multipart-post (~> 2)
    faraday-net_http (1.0.1)
    faraday-net_http_persistent (1.2.0)
    faraday-patron (1.0.0)
    faraday-rack (1.0.0)
    faraday-retry (1.0.3)
    ffi (1.15.5)
    ffi (1.15.5-x64-mingw32)
    ffi-compiler (1.0.1)
      ffi (>= 1.0.0)
      rake
    git (1.10.2)
      rchardet (~> 1.8)
    globalid (1.0.0)
      activesupport (>= 5.0)
    glogin (0.7.0)
      base58 (= 0.2.3)
    haml (5.2.1)
      temple (>= 0.8.0)
      tilt
    http (5.0.4)
      addressable (~> 2.8)
      http-cookie (~> 1.0)
      http-form_data (~> 2.2)
      llhttp-ffi (~> 0.4.0)
    http-cookie (1.0.4)
      domain_name (~> 0.5)
    http-form_data (2.3.0)
    i18n (1.9.1)
      concurrent-ruby (~> 1.0)
    jaro_winkler (1.5.4)
    jbuilder (2.11.5)
      actionview (>= 5.0.0)
      activesupport (>= 5.0.0)
    json (2.6.1)
    kmeans-clusterer (0.11.4)
      narray (~> 0.6)
    llhttp-ffi (0.4.0)
      ffi-compiler (~> 1.0)
      rake (~> 13.0)
    loofah (2.13.0)
      crass (~> 1.0.2)
      nokogiri (>= 1.5.9)
    mail (2.7.1)
      mini_mime (>= 0.1.1)
    marcel (1.0.2)
    matrix (0.4.2)
    method_source (1.0.0)
    mini_mime (1.1.2)
    minitest (5.15.0)
    mocha (1.11.2)
    msgpack (1.4.4)
    multipart-post (2.2.3)
    narray (0.6.1.2)
    nio4r (2.5.8)
    nokogiri (1.13.6-x64-mingw32)
      racc (~> 1.4)
    nokogiri (1.13.6-x86_64-linux)
      racc (~> 1.4)
    octokit (4.20.0)
      faraday (>= 0.9)
      sawyer (~> 0.8.0, >= 0.5.3)
    parallel (1.22.1)
    parser (3.1.2.0)
      ast (~> 2.4.1)
    pg (1.3.0)
    pg (1.3.0-x64-mingw32)
    pivot_table (1.0.0)
    power_assert (2.0.1)
    public_suffix (4.0.6)
    puma (5.6.1)
      nio4r (~> 2.0)
    racc (1.6.0)
    rack (2.2.3)
    rack-mini-profiler (2.3.3)
      rack (>= 1.2.0)
    rack-proxy (0.7.2)
      rack
    rack-test (1.1.0)
      rack (>= 1.0, < 3)
    rails (6.1.4.4)
      actioncable (= 6.1.4.4)
      actionmailbox (= 6.1.4.4)
      actionmailer (= 6.1.4.4)
      actionpack (= 6.1.4.4)
      actiontext (= 6.1.4.4)
      actionview (= 6.1.4.4)
      activejob (= 6.1.4.4)
      activemodel (= 6.1.4.4)
      activerecord (= 6.1.4.4)
      activestorage (= 6.1.4.4)
      activesupport (= 6.1.4.4)
      bundler (>= 1.15.0)
      railties (= 6.1.4.4)
      sprockets-rails (>= 2.0.0)
    rails-dom-testing (2.0.3)
      activesupport (>= 4.2.0)
      nokogiri (>= 1.6)
    rails-html-sanitizer (1.4.2)
      loofah (~> 2.3)
    railties (6.1.4.4)
      actionpack (= 6.1.4.4)
      activesupport (= 6.1.4.4)
      method_source
      rake (>= 0.13)
      thor (~> 1.0)
    rainbow (3.1.1)
    rake (13.0.3)
    rb-fsevent (0.11.1)
    rb-inotify (0.10.1)
      ffi (~> 1.0)
    rchardet (1.8.0)
    regexp_parser (2.2.0)
    require_all (3.0.0)
    rexml (3.2.5)
    rubocop (0.69.0)
      jaro_winkler (~> 1.5.1)
      parallel (~> 1.10)
      parser (>= 2.6)
      rainbow (>= 2.2.2, < 4.0)
      ruby-progressbar (~> 1.7)
      unicode-display_width (>= 1.4.0, < 1.7)
    rubocop-rspec (1.33.0)
      rubocop (>= 0.60.0)
    ruby-progressbar (1.11.0)
    ruby2_keywords (0.0.5)
    rubyzip (2.3.2)
    sass (3.7.4)
      sass-listen (~> 4.0.0)
    sass-listen (4.0.0)
      rb-fsevent (~> 0.9, >= 0.9.4)
      rb-inotify (~> 0.9, >= 0.9.7)
    sass-rails (6.0.0)
      sassc-rails (~> 2.1, >= 2.1.1)
    sassc (2.4.0)
      ffi (~> 1.9)
    sassc (2.4.0-x64-mingw32)
      ffi (~> 1.9)
    sassc-rails (2.1.2)
      railties (>= 4.0.0)
      sassc (>= 2.0)
      sprockets (> 3.0)
      sprockets-rails
      tilt
    sawyer (0.8.2)
      addressable (>= 2.3.5)
      faraday (> 0.8, < 2.0)
    selenium-webdriver (4.1.0)
      childprocess (>= 0.5, < 5.0)
      rexml (~> 3.2, >= 3.2.5)
      rubyzip (>= 1.2.2)
    semantic_range (3.0.0)
    sentry-raven (3.1.1)
      faraday (>= 1.0)
    simplecov (0.21.2)
      docile (~> 1.1)
      simplecov-html (~> 0.11)
      simplecov_json_formatter (~> 0.1)
    simplecov-html (0.12.3)
    simplecov-json (0.2.3)
      json
      simplecov
    simplecov_json_formatter (0.1.3)
    slop (4.9.2)
    sprockets (4.0.2)
      concurrent-ruby (~> 1.0)
      rack (> 1, < 3)
    sprockets-rails (3.4.2)
      actionpack (>= 5.2)
      activesupport (>= 5.2)
      sprockets (>= 3.0.0)
    temple (0.8.2)
    test-unit (3.4.0)
      power_assert
    thor (1.2.1)
    tilt (2.0.10)
    time (0.2.0)
      date
    timers (4.3.3)
    turbolinks (5.2.1)
      turbolinks-source (~> 5.2)
    turbolinks-source (5.2.0)
    tzinfo (2.0.4)
      concurrent-ruby (~> 1.0)
    tzinfo-data (1.2021.5)
      tzinfo (>= 1.0.0)
    unf (0.1.4)
      unf_ext
    unf_ext (0.0.8)
    unf_ext (0.0.8-x64-mingw32)
    unicode-display_width (1.6.1)
    web-console (4.2.0)
      actionview (>= 6.0.0)
      activemodel (>= 6.0.0)
      bindex (>= 0.4.0)
      railties (>= 6.0.0)
    webdrivers (5.0.0)
      nokogiri (~> 1.6)
      rubyzip (>= 1.3.0)
      selenium-webdriver (~> 4.0)
    webpacker (5.4.3)
      activesupport (>= 5.2)
      rack-proxy (>= 0.6.1)
      railties (>= 5.2)
      semantic_range (>= 2.3.0)
    websocket-driver (0.7.5)
      websocket-extensions (>= 0.1.0)
    websocket-extensions (0.1.5)
    xcop (0.6.2)
      differ (~> 0.1.2)
      nokogiri (~> 1.10)
      rainbow (~> 3.0)
      slop (~> 4.4)
    xpath (3.2.0)
      nokogiri (~> 1.8)
    zeitwerk (2.5.4)

PLATFORMS
  x64-mingw32
  x86_64-linux

DEPENDENCIES
  bootsnap (>= 1.4.4)
  byebug
  capybara (>= 3.26)
  celluloid
  codecov (= 0.5.1)
  git
  glogin (= 0.7.0)
  haml (= 5.2.1)
  http
  jbuilder (~> 2.7)
  kmeans-clusterer
  mail (= 2.7.1)
  mocha (= 1.11.2)
  nokogiri
  octokit (= 4.20.0)
  pg (~> 1.1)
  pivot_table
  puma (~> 5.0)
  rack (= 2.2.3)
  rack-mini-profiler (~> 2.0)
  rack-test (= 1.1.0)
  rails (~> 6.1.4, >= 6.1.4.1)
  rake (= 13.0.3)
  require_all
  rubocop (= 0.69.0)
  rubocop-rspec (= 1.33.0)
  sass (= 3.7.4)
  sass-rails (>= 6)
  selenium-webdriver
  sentry-raven (= 3.1.1)
  simplecov
  simplecov-json
  sprockets (= 4.0.2)
  test-unit (= 3.4.0)
  time
  turbolinks (~> 5)
  tzinfo-data
  web-console (>= 4.1.0)
  webdrivers
  webpacker (~> 5.0)
  xcop (= 0.6.2)

RUBY VERSION
   ruby 2.6.8p205

BUNDLED WITH
   2.2.28
